GEM
  remote: https://rubygems.org/
  specs:
    ansi (1.5.0)
    builder (3.2.3)
    childprocess (1.0.1)
      rake (< 13.0)
    ffi (1.11.1)
    minitest (5.11.3)
    minitest-reporters (1.3.6)
      ansi
      builder
      minitest (>= 5.0)
      ruby-progressbar
    rake (12.3.3)
    ramcrest (0.1.0)
    ruby-progressbar (1.10.0)
    rubyzip (1.2.2)
    selenium-webdriver (3.142.3)
      childprocess (>= 0.5, < 2.0)
      rubyzip (~> 1.2, >= 1.2.2)

PLATFORMS
  ruby

DEPENDENCIES
  ffi (>= 1.9.24)!
  minitest!
  minitest-reporters!
  rake!
  ramcrest!
  rubyzip (>= 1.2.2)!
  selenium-webdriver!

BUNDLED WITH
   1.16.3
